GIT
  remote: https://github.com/refinery/refinerycms-blog
  revision: 76ee576e31945dde56ccf45f3715ccf9af631573
  branch: master
  specs:
    refinerycms-blog (3.0.1)
      acts-as-taggable-on
      filters_spam (~> 0.2)
      friendly_id (~> 5.1.0)
      globalize (>= 4.0.0, < 5.2)
      jquery-ui-rails (~> 5.0.0)
      rails_autolink (~> 1.1.3)
      refinerycms-core (~> 3.0.0)
      refinerycms-settings (~> 3.0.0)
      seo_meta (~> 2.0.0.rc.1)

GEM
  remote: https://rubygems.org/
  specs:
    actionmailer (4.2.3)
      actionpack (= 4.2.3)
      actionview (= 4.2.3)
      activejob (= 4.2.3)
      mail (~> 2.5, >= 2.5.4)
      rails-dom-testing (~> 1.0, >= 1.0.5)
    actionpack (4.2.3)
      actionview (= 4.2.3)
      activesupport (= 4.2.3)
      rack (~> 1.6)
      rack-test (~> 0.6.2)
      rails-dom-testing (~> 1.0, >= 1.0.5)
      rails-html-sanitizer (~> 1.0, >= 1.0.2)
    actionview (4.2.3)
      activesupport (= 4.2.3)
      builder (~> 3.1)
      erubis (~> 2.7.0)
      rails-dom-testing (~> 1.0, >= 1.0.5)
      rails-html-sanitizer (~> 1.0, >= 1.0.2)
    activejob (4.2.3)
      activesupport (= 4.2.3)
      globalid (>= 0.3.0)
    activemodel (4.2.3)
      activesupport (= 4.2.3)
      builder (~> 3.1)
    activerecord (4.2.3)
      activemodel (= 4.2.3)
      activesupport (= 4.2.3)
      arel (~> 6.0)
    activesupport (4.2.3)
      i18n (~> 0.7)
      json (~> 1.7, >= 1.7.7)
      minitest (~> 5.1)
      thread_safe (~> 0.3, >= 0.3.4)
      tzinfo (~> 1.1)
    acts-as-taggable-on (4.0.0)
      activerecord (>= 4.0)
    acts_as_indexed (0.8.3)
    addressable (2.5.1)
      public_suffix (~> 2.0, >= 2.0.2)
    amatch (0.4.0)
      mize
      tins (~> 1.0)
    arel (6.0.4)
    awesome_nested_set (3.0.3)
      activerecord (>= 4.0.0, < 5)
    babosa (1.0.2)
    bcrypt (3.1.11)
    bcrypt (3.1.11-x64-mingw32)
    bcrypt (3.1.11-x86-mingw32)
    buftok (0.2.0)
    builder (3.2.3)
    capybara (2.15.1)
      addressable
      mini_mime (>= 0.1.3)
      nokogiri (>= 1.3.3)
      rack (>= 1.0.0)
      rack-test (>= 0.5.4)
      xpath (~> 2.0)
    cliver (0.3.2)
    coffee-rails (4.2.2)
      coffee-script (>= 2.2.0)
      railties (>= 4.0.0)
    coffee-script (2.4.1)
      coffee-script-source
      execjs
    coffee-script-source (1.12.2)
    concurrent-ruby (1.0.5)
    decorators (2.0.3)
      railties (>= 4.0.0, < 5.2)
    devise (3.5.10)
      bcrypt (~> 3.0)
      orm_adapter (~> 0.1)
      railties (>= 3.2.6, < 5)
      responders
      thread_safe (~> 0.1)
      warden (~> 1.2.3)
    diff-lcs (1.3)
    diffy (3.1.0)
    domain_name (0.5.20170404)
      unf (>= 0.0.5, < 1.0.0)
    dragonfly (1.0.12)
      addressable (~> 2.3)
      multi_json (~> 1.0)
      rack (>= 1.3.0)
    equalizer (0.0.11)
    erubis (2.7.0)
    exception_notification (4.1.1)
      actionmailer (>= 3.0.4)
      activesupport (>= 3.0.4)
    execjs (2.7.0)
    factory_girl (4.8.0)
      activesupport (>= 3.0.0)
    factory_girl_rails (4.8.0)
      factory_girl (~> 4.8.0)
      railties (>= 3.0.0)
    faraday (0.11.0)
      multipart-post (>= 1.2, < 3)
    ffi (1.9.18)
    ffi (1.9.18-x64-mingw32)
    ffi (1.9.18-x86-mingw32)
    filters_spam (0.5)
    font-awesome-sass (4.7.0)
      sass (>= 3.2)
    formtastic (3.1.5)
      actionpack (>= 3.2.13)
    friendly_id (5.1.0)
      activerecord (>= 4.0.0)
    globalid (0.4.0)
      activesupport (>= 4.2.0)
    globalize (5.0.1)
      activemodel (>= 4.2.0, < 4.3)
      activerecord (>= 4.2.0, < 4.3)
    http (2.2.2)
      addressable (~> 2.3)
      http-cookie (~> 1.0)
      http-form_data (~> 1.0.1)
      http_parser.rb (~> 0.6.0)
    http-cookie (1.0.3)
      domain_name (~> 0.5)
    http-form_data (1.0.3)
    http_parser.rb (0.6.0)
    httparty (0.15.6)
      multi_xml (>= 0.5.2)
    i18n (0.8.6)
    jquery-rails (4.3.1)
      rails-dom-testing (>= 1, < 3)
      railties (>= 4.2.0)
      thor (>= 0.14, < 2.0)
    jquery-ui-rails (5.0.5)
      railties (>= 3.2.16)
    json (1.8.6)
    libv8 (3.16.14.19)
    lightbox2-rails (2.8.2.1)
      railties (>= 3.1)
    loofah (2.0.3)
      nokogiri (>= 1.5.9)
    mail (2.6.6)
      mime-types (>= 1.16, < 4)
    memoizable (0.4.2)
      thread_safe (~> 0.3, >= 0.3.1)
    mime-types (3.1)
      mime-types-data (~> 3.2015)
    mime-types-data (3.2016.0521)
    mini_mime (0.1.4)
    mini_portile2 (2.2.0)
    minitest (5.10.3)
    mize (0.3.2)
      protocol
    multi_json (1.12.1)
    multi_xml (0.6.0)
    multipart-post (2.0.0)
    naught (1.1.0)
    nokogiri (1.8.0)
      mini_portile2 (~> 2.2.0)
    nokogiri (1.8.0-x64-mingw32)
      mini_portile2 (~> 2.2.0)
    nokogiri (1.8.0-x86-mingw32)
      mini_portile2 (~> 2.2.0)
    oj (3.3.5)
    orm_adapter (0.5.0)
    pg (0.19.0)
    pg (0.19.0-x64-mingw32)
    pg (0.19.0-x86-mingw32)
    poltergeist (1.16.0)
      capybara (~> 2.1)
      cliver (~> 0.3.1)
      websocket-driver (>= 0.2.0)
    power_assert (1.0.2)
    protocol (1.0.1)
      ruby_parser (~> 3.0)
    public_suffix (2.0.5)
    rabl (0.9.3)
      activesupport (>= 2.3.14)
    rack (1.6.8)
    rack-test (0.6.3)
      rack (>= 1.0)
    rails (4.2.3)
      actionmailer (= 4.2.3)
      actionpack (= 4.2.3)
      actionview (= 4.2.3)
      activejob (= 4.2.3)
      activemodel (= 4.2.3)
      activerecord (= 4.2.3)
      activesupport (= 4.2.3)
      bundler (>= 1.3.0, < 2.0)
      railties (= 4.2.3)
      sprockets-rails
    rails-deprecated_sanitizer (1.0.3)
      activesupport (>= 4.2.0.alpha)
    rails-dom-testing (1.0.8)
      activesupport (>= 4.2.0.beta, < 5.0)
      nokogiri (~> 1.6)
      rails-deprecated_sanitizer (>= 1.0.1)
    rails-html-sanitizer (1.0.3)
      loofah (~> 2.0)
    rails-i18n (4.0.9)
      i18n (~> 0.7)
      railties (~> 4.0)
    rails_autolink (1.1.6)
      rails (> 3.1)
    railties (4.2.3)
      actionpack (= 4.2.3)
      activesupport (= 4.2.3)
      rake (>= 0.8.7)
      thor (>= 0.18.1, < 2.0)
    rake (13.0.1)
    rb-fsevent (0.10.2)
    rb-inotify (0.9.10)
      ffi (>= 0.5.0, < 2)
    ref (2.0.0)
    refinerycms (3.0.5)
      refinerycms-core (= 3.0.5)
      refinerycms-images (= 3.0.5)
      refinerycms-pages (= 3.0.5)
      refinerycms-resources (= 3.0.5)
    refinerycms-authentication-devise (1.0.4)
      actionmailer (~> 4.2, >= 4.2.0)
      devise (~> 3.0, >= 3.2.4)
      friendly_id (~> 5.1.0)
      refinerycms-core (~> 3.0, >= 3.0.0)
    refinerycms-core (3.0.5)
      actionpack (>= 4.2.3, < 5.0)
      activerecord (>= 4.2.3, < 5.0)
      awesome_nested_set (~> 3.0.0)
      coffee-rails (~> 4.0, >= 4.0.0)
      decorators (~> 2.0.0)
      font-awesome-sass (>= 4.3.0, < 5.0)
      jquery-rails (>= 2.3.0)
      jquery-ui-rails (~> 5.0.0)
      railties (>= 4.2.3, < 5.0)
      refinerycms-i18n (~> 3.0.0)
      sass-rails (>= 4.0, < 5.1)
      truncate_html (~> 0.9)
      will_paginate (~> 3.0.2)
      zilch-authorisation
    refinerycms-i18n (3.0.1)
      rails-i18n (~> 4.0.1)
      routing-filter (>= 0.4.0)
    refinerycms-images (3.0.5)
      dragonfly (~> 1.0.0)
      globalize (>= 4.0.0, < 5.2)
      refinerycms-core (= 3.0.5)
    refinerycms-pages (3.0.5)
      awesome_nested_set (~> 3.0.0)
      babosa (!= 0.3.6)
      diffy (~> 3.1.0)
      friendly_id (>= 5.1.0, < 5.3)
      globalize (>= 4.0.0, < 5.2)
      refinerycms-core (= 3.0.5)
      seo_meta (~> 2.0.0.rc.1)
      speakingurl-rails (~> 8.0.0)
    refinerycms-resources (3.0.5)
      acts_as_indexed (~> 0.8.0)
      dragonfly (~> 1.0.0)
      globalize (>= 4.0.0, < 5.2)
      refinerycms-core (= 3.0.5)
    refinerycms-settings (3.0.0)
      friendly_id (~> 5.0, >= 5.0.1)
      refinerycms-core (~> 3.0, >= 3.0.0)
    refinerycms-wymeditor (1.0.7)
      refinerycms-core (>= 3.0.0, < 5.0)
    responders (2.4.0)
      actionpack (>= 4.2.0, < 5.3)
      railties (>= 4.2.0, < 5.3)
    roo (1.13.2)
      nokogiri
      rubyzip
      spreadsheet (> 0.6.4)
    routing-filter (0.6.1)
      actionpack (>= 4.2, < 5.2)
      activesupport (>= 4.2, < 5.2)
    rspec-core (3.6.0)
      rspec-support (~> 3.6.0)
    rspec-expectations (3.6.0)
      diff-lcs (>= 1.2.0, < 2.0)
      rspec-support (~> 3.6.0)
    rspec-mocks (3.6.0)
      diff-lcs (>= 1.2.0, < 2.0)
      rspec-support (~> 3.6.0)
    rspec-rails (3.6.1)
      actionpack (>= 3.0)
      activesupport (>= 3.0)
      railties (>= 3.0)
      rspec-core (~> 3.6.0)
      rspec-expectations (~> 3.6.0)
      rspec-mocks (~> 3.6.0)
      rspec-support (~> 3.6.0)
    rspec-support (3.6.0)
    ruby-ole (1.2.12.1)
    ruby_parser (3.10.1)
      sexp_processor (~> 4.9)
    rubyzip (0.9.9)
    sass (3.5.1)
      sass-listen (~> 4.0.0)
    sass-listen (4.0.0)
      rb-fsevent (~> 0.9, >= 0.9.4)
      rb-inotify (~> 0.9, >= 0.9.7)
    sass-rails (5.0.6)
      railties (>= 4.0.0, < 6)
      sass (~> 3.1)
      sprockets (>= 2.8, < 4.0)
      sprockets-rails (>= 2.0, < 4.0)
      tilt (>= 1.1, < 3)
    seo_meta (2.0.1)
      railties (>= 3.0.0)
    sexp_processor (4.10.0)
    simple_oauth (0.3.1)
    speakingurl-rails (8.0.2)
      railties (>= 3.1)
    spreadsheet (1.1.4)
      ruby-ole (>= 1.0)
    sprockets (3.7.1)
      concurrent-ruby (~> 1.0)
      rack (> 1, < 3)
    sprockets-rails (3.2.0)
      actionpack (>= 4.0)
      activesupport (>= 4.0)
      sprockets (>= 3.0.0)
    test-unit (3.2.5)
      power_assert
    therubyracer (0.12.3)
      libv8 (~> 3.16.14.15)
      ref
    thor (0.20.0)
    thread_safe (0.3.6)
    tilt (2.0.8)
    tins (1.15.0)
    truncate_html (0.9.3)
    twitter (6.1.0)
      addressable (~> 2.5)
      buftok (~> 0.2.0)
      equalizer (= 0.0.11)
      faraday (~> 0.11.0)
      http (~> 2.1)
      http_parser.rb (~> 0.6.0)
      memoizable (~> 0.4.2)
      naught (~> 1.1)
      simple_oauth (~> 0.3.1)
    twitter-text (1.14.7)
      unf (~> 0.1.0)
    tzinfo (1.2.3)
      thread_safe (~> 0.1)
    tzinfo-data (1.2017.2)
      tzinfo (>= 1.0.0)
    uglifier (3.2.0)
      execjs (>= 0.3.0, < 3)
    unf (0.1.4)
      unf_ext
    unf_ext (0.0.7.4)
    unf_ext (0.0.7.4-x64-mingw32)
    unf_ext (0.0.7.4-x86-mingw32)
    warden (1.2.7)
      rack (>= 1.0)
    websocket-driver (0.6.5)
      websocket-extensions (>= 0.1.0)
    websocket-extensions (0.1.2)
    will_paginate (3.0.12)
    xpath (2.1.0)
      nokogiri (~> 1.3)
    zilch-authorisation (0.0.1)

PLATFORMS
  ruby
  x64-mingw32
  x86-mingw32

DEPENDENCIES
  amatch
  bcrypt (= 3.1.11)
  capybara
  coffee-rails
  exception_notification
  factory_girl_rails
  formtastic
  friendly_id
  httparty
  jquery-rails
  lightbox2-rails
  nokogiri
  oj
  pg (= 0.19.0)
  poltergeist
  rabl (~> 0.9.3)
  rails (= 4.2.3)
  refinerycms (= 3.0.5)
  refinerycms-authentication-devise
  refinerycms-blog!
  refinerycms-wymeditor (~> 1.0.0)
  roo
  rspec-rails
  rubyzip
  sass-rails
  test-unit
  therubyracer
  twitter
  twitter-text
  tzinfo-data
  uglifier

BUNDLED WITH
   1.15.3
